GEM
  remote: https://rubygems.org/
  specs:
    activemodel (4.0.0)
      activesupport (= 4.0.0)
      builder (~> 3.1.0)
    activerecord (4.0.0)
      activemodel (= 4.0.0)
      activerecord-deprecated_finders (~> 1.0.2)
      activesupport (= 4.0.0)
      arel (~> 4.0.0)
    activerecord-deprecated_finders (1.0.4)
    activesupport (4.0.0)
      i18n (~> 0.6, >= 0.6.4)
      minitest (~> 4.2)
      multi_json (~> 1.3)
      thread_safe (~> 0.1)
      tzinfo (~> 0.3.37)
    addressable (2.4.0)
    amq-protocol (2.0.1)
    arel (4.0.2)
    autoparse (0.3.3)
      addressable (>= 2.3.1)
      extlib (>= 0.9.15)
      multi_json (>= 1.0.0)
    babosa (1.0.2)
    backports (3.6.8)
    base62 (1.0.0)
    bcrypt (3.1.11)
    bond (0.5.1)
    bson (3.2.6)
    bson_ext (1.5.1)
    builder (3.1.4)
    bunny (2.3.1)
      amq-protocol (>= 2.0.1)
    byebug (3.5.1)
      columnize (~> 0.8)
      debugger-linecache (~> 1.2)
      slop (~> 3.6)
    coderay (1.1.1)
    colorize (0.7.7)
    columnize (0.9.0)
    debugger-linecache (1.2.0)
    digest-crc (0.4.1)
    domain_name (0.5.20160310)
      unf (>= 0.0.5, < 1.0.0)
    dotenv (2.1.1)
    extlib (0.9.16)
    faker (1.6.3)
      i18n (~> 0.5)
    faraday (0.9.2)
      multipart-post (>= 1.2, < 3)
    filewatcher (0.5.3)
      trollop (~> 2.0)
    gcloud (0.10.0)
      digest-crc (~> 0.4)
      google-api-client (~> 0.8.3)
      google-protobuf (= 3.0.0.alpha.5.0.5.1)
      grpc (~> 0.13.1)
      mime-types (~> 2.4)
      zonefile (~> 1.04)
    google-api-client (0.8.6)
      activesupport (>= 3.2)
      addressable (~> 2.3)
      autoparse (~> 0.3)
      extlib (~> 0.9)
      faraday (~> 0.9)
      googleauth (~> 0.3)
      launchy (~> 2.4)
      multi_json (~> 1.10)
      retriable (~> 1.4)
      signet (~> 0.6)
    google-protobuf (3.0.0.alpha.5.0.5.1)
    googleauth (0.5.1)
      faraday (~> 0.9)
      jwt (~> 1.4)
      logging (~> 2.0)
      memoist (~> 0.12)
      multi_json (~> 1.11)
      os (~> 0.9)
      signet (~> 0.7)
    grpc (0.13.1)
      google-protobuf (~> 3.0.0.alpha.5.0.3)
      googleauth (~> 0.5.1)
    http-cookie (1.0.2)
      domain_name (~> 0.5)
    httpclient (2.5.2)
    i18n (0.7.0)
    json (1.8.2)
    jwt (1.5.4)
    launchy (2.4.3)
      addressable (~> 2.3)
    literate_randomizer (0.4.0)
    little-plugger (1.1.4)
    logging (2.1.0)
      little-plugger (~> 1.1)
      multi_json (~> 1.10)
    memoist (0.14.0)
    method_source (0.8.2)
    mime-types (2.99.2)
    mini_portile2 (2.0.0)
    minitest (4.7.5)
    mongo (2.1.2)
      bson (~> 3.0)
    multi_json (1.12.1)
    multipart-post (2.0.0)
    netrc (0.11.0)
    nokogiri (1.6.7.2)
      mini_portile2 (~> 2.0.0.rc2)
    os (0.9.6)
    paint (1.0.1)
    paypal-sdk-adaptivepayments (1.117.1)
      paypal-sdk-core (~> 0.3.0)
    paypal-sdk-core (0.3.4)
      multi_json (~> 1.0)
      xml-simple
    pg (0.18.4)
    postmark (1.7.1)
      json
      rake
    pry (0.10.3)
      coderay (~> 1.1.0)
      method_source (~> 0.8.1)
      slop (~> 3.4)
    pry-byebug (2.0.0)
      byebug (~> 3.4)
      pry (~> 0.10)
    puma (3.4.0)
    rack (1.6.4)
    rack-parser (0.6.0)
      rack
    rack-protection (1.5.3)
      rack
    rack-test (0.6.3)
      rack (>= 1.0)
    rake (10.4.2)
    redis (3.3.0)
    require_all (1.3.3)
    rest-client (1.8.0)
      http-cookie (>= 1.0.2, < 2.0)
      mime-types (>= 1.16, < 3.0)
      netrc (~> 0.7)
    retriable (1.4.1)
    ripl (0.7.1)
      bond (~> 0.5.1)
    ripl-color_result (0.4.1)
      ripl (>= 0.4.1)
      wirb (>= 0.4.0)
    ripl-multi_line (0.3.1)
      ripl (>= 0.3.6)
    ripl-rack (0.2.1)
      rack (>= 1.0)
      rack-test (~> 0.6.2)
      ripl (>= 0.7.0)
    sass (3.4.22)
    shotgun (0.9.1)
      rack (>= 1.0)
    signet (0.7.2)
      addressable (~> 2.3)
      faraday (~> 0.9)
      jwt (~> 1.5)
      multi_json (~> 1.10)
    sinatra (1.4.7)
      rack (~> 1.5)
      rack-protection (~> 1.4)
      tilt (>= 1.3, < 3)
    sinatra-activerecord (2.0.9)
      activerecord (>= 3.2)
      sinatra (~> 1.0)
    sinatra-contrib (1.4.7)
      backports (>= 2.0)
      multi_json
      rack-protection
      rack-test
      sinatra (~> 1.4.0)
      tilt (>= 1.3, < 3)
    sinatra-reloader (1.0)
      sinatra-contrib
    slop (3.6.0)
    thread_safe (0.3.5)
    tilt (2.0.4)
    trollop (2.1.2)
    tux (0.3.0)
      ripl (>= 0.3.5)
      ripl-multi_line (>= 0.2.4)
      ripl-rack (>= 0.2.0)
      sinatra (>= 1.2.1)
    tzinfo (0.3.49)
    unf (0.1.4)
      unf_ext
    unf_ext (0.0.7.2)
    wirb (2.0.0)
      paint (>= 0.9, < 2.0)
    xml-simple (1.1.5)
    zonefile (1.04)

PLATFORMS
  ruby

DEPENDENCIES
  activerecord
  activesupport (= 4.0.0)
  babosa (= 1.0.2)
  base62
  bcrypt
  bson_ext
  bunny (>= 1.7.0)
  colorize
  dotenv
  faker
  faraday (= 0.9.2)
  filewatcher
  gcloud
  httpclient (= 2.5.2)
  json (= 1.8.2)
  literate_randomizer
  mongo (~> 2.1.0)
  nokogiri
  paypal-sdk-adaptivepayments
  pg
  postmark
  pry-byebug (= 2.0.0)
  puma
  rack-parser (= 0.6.0)
  rake
  redis (~> 3.2)
  require_all
  rest-client (= 1.8.0)
  ripl-color_result
  sass
  shotgun
  sinatra
  sinatra-activerecord
  sinatra-contrib (= 1.4.7)
  sinatra-reloader
  tux

RUBY VERSION
   ruby 2.3.1p112

BUNDLED WITH
   1.12.5
